GEM
  remote: http://rubygems.org/
  specs:
    diff-lcs (1.1.2)
    gemcutter (0.6.1)
    git (1.2.5)
    jeweler (1.4.0)
      gemcutter (>= 0.1.0)
      git (>= 1.2.5)
      rubyforge (>= 2.0.0)
    json_pure (1.4.6)
    rspec (2.0.0)
      rspec-core (= 2.0.0)
      rspec-expectations (= 2.0.0)
      rspec-mocks (= 2.0.0)
    rspec-core (2.0.0)
    rspec-expectations (2.0.0)
      diff-lcs (>= 1.1.2)
    rspec-mocks (2.0.0)
      rspec-core (= 2.0.0)
      rspec-expectations (= 2.0.0)
    rubyforge (2.0.4)
      json_pure (>= 1.1.7)
    simplecov (0.3.6)
      simplecov-html (>= 0.3.7)
    simplecov-html (0.3.8)

PLATFORMS
  java
  ruby

DEPENDENCIES
  jeweler
  rspec (= 2.0.0)
  simplecov
